{
	"Modality": "MR",
	"MagneticFieldStrength": 3,
	"ImagingFrequency": 123.255108,
	"Manufacturer": "Siemens",
	"ManufacturersModelName": "Prisma",
	"InstitutionName": "NIMH",
	"InstitutionalDepartmentName": "Department",
	"InstitutionAddress": "Center Drive 10,Bethesda,MD,US,20892",
	"DeviceSerialNumber": "66028",
	"StationName": "AWP66028",
	"BodyPartExamined": "BRAIN",
	"PatientPosition": "HFS",
	"ProcedureStepDescription": "MRI Procedure Limited",
	"SoftwareVersions": "syngo MR D13D",
	"MRAcquisitionType": "2D",
	"SeriesDescription": "fmri-ME3MB4iPAT2_AP_lemonade",
	"ProtocolName": "fmri-ME3MB4iPAT2_AP_lemonade",
	"ScanningSequence": "EP",
	"SequenceVariant": "SK\\SS",
	"ScanOptions": "FS",
	"SequenceName": "epfid2d3_72",
	"ImageType": ["ORIGINAL", "PRIMARY", "M", "MB", "TE1", "ND", "MOSAIC"],
	"NonlinearGradientCorrection": false,
	"SeriesNumber": 17,
	"AcquisitionTime": "11:34:16.465000",
	"AcquisitionNumber": 1,
	"ImageComments": "Unaliased MB4/PE4/LB",
	"SliceThickness": 3,
	"SpacingBetweenSlices": 3,
	"SAR": 0.0811571,
	"EchoTime": 0.0136,
	"RepetitionTime": 1,
	"FlipAngle": 60,
	"PartialFourier": 1,
	"BaseResolution": 72,
	"ShimSetting": [
		5417,
		-1319,
		6694,
		289,
		-62,
		-119,
		24,
		16	],
	"TxRefAmp": 249.832,
	"PhaseResolution": 1,
	"ReceiveCoilName": "HeadNeck_64",
	"ReceiveCoilActiveElements": "HC1-7;NC1,2",
	"PulseSequenceDetails": "%CustomerSeq%\\cmrr_mbep2d_bold",
	"WipMemBlock": "31263376-c7fc-4659-b9d6-dfcb174f6586||Sequence: R016 vd13d/master r/9483a2f6; Dec 19 2017 12:17:24 by eja",
	"RefLinesPE": 24,
	"CoilCombinationMethod": "Sum of Squares",
	"ConsistencyInfo": "N4_VD13D_LATEST_20130810",
	"MatrixCoilMode": "GRAPPA",
	"MultibandAccelerationFactor": 4,
	"PercentPhaseFOV": 100,
	"PercentSampling": 100,
	"EchoTrainLength": 35,
	"PhaseEncodingSteps": 71,
	"AcquisitionMatrixPE": 72,
	"ReconMatrixPE": 72,
	"BandwidthPerPixelPhaseEncode": 56.689,
	"ParallelReductionFactorInPlane": 2,
	"EffectiveEchoSpacing": 0.000245001,
	"DerivedVendorReportedEchoSpacing": 0.000490003,
	"TotalReadoutTime": 0.0173951,
	"PixelBandwidth": 2570,
	"DwellTime": 2.7e-06,
	"PhaseEncodingDirection": "j-",
	"SliceTiming": [
		0,
		0.5275,
		0.075,
		0.6025,
		0.15,
		0.6775,
		0.225,
		0.7525,
		0.3,
		0.8275,
		0.375,
		0.9025,
		0.45,
		0,
		0.5275,
		0.075,
		0.6025,
		0.15,
		0.6775,
		0.225,
		0.7525,
		0.3,
		0.8275,
		0.375,
		0.9025,
		0.45,
		0,
		0.5275,
		0.075,
		0.6025,
		0.15,
		0.6775,
		0.225,
		0.7525,
		0.3,
		0.8275,
		0.375,
		0.9025,
		0.45,
		0,
		0.5275,
		0.075,
		0.6025,
		0.15,
		0.6775,
		0.225,
		0.7525,
		0.3,
		0.8275,
		0.375,
		0.9025,
		0.45	],
	"ImageOrientationPatientDICOM": [
		0.99986,
		0.00394366,
		-0.0162487,
		-0.00732992,
		0.976813,
		-0.213967	],
	"ImageOrientationText": "Tra>Cor(-12.4)>Sag(-0.9)",
	"InPlanePhaseEncodingDirectionDICOM": "COL",
	"TaskName": "lemonade",
	"ConversionSoftware": "dcm2niix",
	"ConversionSoftwareVersion": "v1.0.20230411"
}
