{
    "Modality": "MR",
    "MagneticFieldStrength": 3,
    "ImagingFrequency": 123.255,
    "Manufacturer": "Siemens",
    "ManufacturersModelName": "Prisma",
    "InstitutionName": "NIMH",
    "InstitutionalDepartmentName": "Department",
    "InstitutionAddress": "Center Drive 10,Bethesda,MD,US,20892",
    "DeviceSerialNumber": "66028",
    "StationName": "AWP66028",
    "BodyPartExamined": "BRAIN",
    "PatientPosition": "HFS",
    "ProcedureStepDescription": "MRI Procedure Limited",
    "SoftwareVersions": "syngo MR D13D",
    "MRAcquisitionType": "2D",
    "SeriesDescription": "fmri-ME3MB4iPAT2_AP_defeat",
    "ProtocolName": "fmri-ME3MB4iPAT2_AP_defeat",
    "ScanningSequence": "EP",
    "SequenceVariant": "SK\\SS",
    "ScanOptions": "FS",
    "SequenceName": "epfid2d3_72",
    "ImageType": [
        "ORIGINAL",
        "PRIMARY",
        "M",
        "MB",
        "TE1",
        "ND",
        "MOSAIC"
    ],
    "NonlinearGradientCorrection": false,
    "SeriesNumber": 17,
    "AcquisitionTime": "",
    "AcquisitionNumber": 1,
    "ImageComments": "Unaliased MB4/PE4/LB",
    "SliceThickness": 3,
    "SpacingBetweenSlices": 3,
    "SAR": 0.0714976,
    "EchoTime": 0.0136,
    "RepetitionTime": 1,
    "FlipAngle": 60,
    "PartialFourier": 1,
    "BaseResolution": 72,
    "ShimSetting": [
        5410,
        -1338,
        6674,
        420,
        -59,
        -100,
        -30,
        29
    ],
    "TxRefAmp": 205.343,
    "PhaseResolution": 1,
    "ReceiveCoilName": "HeadNeck_64",
    "ReceiveCoilActiveElements": "HC1-7;NC1,2",
    "PulseSequenceDetails": "%CustomerSeq%\\cmrr_mbep2d_bold",
    "WipMemBlock": "94ae9c87-5fd1-43ec-873b-31c499b9c370||Sequence: R016 vd13d/master r/9483a2f6; Dec 19 2017 12:17:24 by eja",
    "RefLinesPE": 24,
    "CoilCombinationMethod": "Sum of Squares",
    "ConsistencyInfo": "N4_VD13D_LATEST_20130810",
    "MatrixCoilMode": "GRAPPA",
    "MultibandAccelerationFactor": 4,
    "PercentPhaseFOV": 100,
    "PercentSampling": 100,
    "EchoTrainLength": 35,
    "PhaseEncodingSteps": 71,
    "AcquisitionMatrixPE": 72,
    "ReconMatrixPE": 72,
    "BandwidthPerPixelPhaseEncode": 56.689,
    "ParallelReductionFactorInPlane": 2,
    "EffectiveEchoSpacing": 0.000245001,
    "DerivedVendorReportedEchoSpacing": 0.000490003,
    "TotalReadoutTime": 0.0173951,
    "PixelBandwidth": 2570,
    "DwellTime": 2.7e-06,
    "PhaseEncodingDirection": "j-",
    "SliceTiming": [
        0,
        0.5275,
        0.075,
        0.6025,
        0.15,
        0.6775,
        0.225,
        0.7525,
        0.3,
        0.8275,
        0.375,
        0.9025,
        0.45,
        0,
        0.5275,
        0.075,
        0.6025,
        0.15,
        0.6775,
        0.225,
        0.7525,
        0.3,
        0.8275,
        0.375,
        0.9025,
        0.45,
        0,
        0.5275,
        0.075,
        0.6025,
        0.15,
        0.6775,
        0.225,
        0.7525,
        0.3,
        0.8275,
        0.375,
        0.9025,
        0.45,
        0,
        0.5275,
        0.075,
        0.6025,
        0.15,
        0.6775,
        0.225,
        0.7525,
        0.3,
        0.8275,
        0.375,
        0.9025,
        0.45
    ],
    "TaskName": "defeat",
    "ImageOrientationPatientDICOM": [
        0.997993,
        -0.0447488,
        -0.0447997,
        0.0388623,
        0.991446,
        -0.124594
    ],
    "ImageOrientationText": "Tra>Cor(-7.1)>Sag(-2.9)",
    "InPlanePhaseEncodingDirectionDICOM": "COL",
    "ConversionSoftware": "dcm2niix",
    "ConversionSoftwareVersion": "v1.0.20220720"
}