{
  "AcquisitionMatrixPE": 72,
  "AcquisitionNumber": 1,
  "AcquisitionTime": "10:34:15.517500",
  "BandwidthPerPixelPhaseEncode": 56.689,
  "BaseResolution": 72,
  "BodyPartExamined": "BRAIN",
  "CoilCombinationMethod": "Sum of Squares",
  "ConsistencyInfo": "N4_VD13D_LATEST_20130810",
  "ConversionSoftware": "dcm2niix",
  "ConversionSoftwareVersion": "v1.0.20230411",
  "DerivedVendorReportedEchoSpacing": 0.000490003,
  "DeviceSerialNumber": "66028",
  "DwellTime": 2.7e-06,
  "EchoNumber": 3,
  "EchoTime": 0.05012,
  "EchoTrainLength": 35,
  "EffectiveEchoSpacing": 0.000245001,
  "FlipAngle": 60,
  "HeudiconvVersion": "0.12.0",
  "ImageComments": "Unaliased MB4/PE4/LB",
  "ImageOrientationPatientDICOM": [
    0.996374,
    0.0601584,
    -0.0601665,
    -0.0654807,
    0.993714,
    -0.0907989
  ],
  "ImageOrientationText": "Tra>Cor(-5.4)>Sag(-3.1)",
  "ImageType": [
    "ORIGINAL",
    "PRIMARY",
    "M",
    "MB",
    "TE3",
    "ND",
    "MOSAIC"
  ],
  "ImagingFrequency": 123.255258,
  "InPlanePhaseEncodingDirectionDICOM": "COL",
  "InstitutionAddress": "Center Drive 10,Bethesda,MD,US,20892",
  "InstitutionName": "NIMH",
  "InstitutionalDepartmentName": "Department",
  "MRAcquisitionType": "2D",
  "MagneticFieldStrength": 3,
  "Manufacturer": "Siemens",
  "ManufacturersModelName": "Prisma",
  "MatrixCoilMode": "GRAPPA",
  "Modality": "MR",
  "MultibandAccelerationFactor": 4,
  "NonlinearGradientCorrection": false,
  "ParallelReductionFactorInPlane": 2,
  "PartialFourier": 1,
  "PatientPosition": "HFS",
  "PercentPhaseFOV": 100,
  "PercentSampling": 100,
  "PhaseEncodingDirection": "j-",
  "PhaseEncodingSteps": 71,
  "PhaseResolution": 1,
  "PixelBandwidth": 2570,
  "ProcedureStepDescription": "MRI Procedure Limited",
  "ProtocolName": "fmri-ME3MB4iPAT2_AP_defeat",
  "PulseSequenceDetails": "%CustomerSeq%\\cmrr_mbep2d_bold",
  "ReceiveCoilActiveElements": "HC1-7;NC1,2",
  "ReceiveCoilName": "HeadNeck_64",
  "ReconMatrixPE": 72,
  "RefLinesPE": 24,
  "RepetitionTime": 1,
  "SAR": 0.0904731,
  "ScanOptions": "FS",
  "ScanningSequence": "EP",
  "SequenceName": "epfid2d3_72",
  "SequenceVariant": "SK\\SS",
  "SeriesDescription": "fmri-ME3MB4iPAT2_AP_defeat",
  "SeriesNumber": 11,
  "ShimSetting": [
    5399,
    -1307,
    6658,
    377,
    -34,
    -44,
    62,
    1
  ],
  "SliceThickness": 3,
  "SliceTiming": [
    0,
    0.5275,
    0.075,
    0.6025,
    0.15,
    0.6775,
    0.225,
    0.7525,
    0.3,
    0.8275,
    0.375,
    0.9025,
    0.45,
    0,
    0.5275,
    0.075,
    0.6025,
    0.15,
    0.6775,
    0.225,
    0.7525,
    0.3,
    0.8275,
    0.375,
    0.9025,
    0.45,
    0,
    0.5275,
    0.075,
    0.6025,
    0.15,
    0.6775,
    0.225,
    0.7525,
    0.3,
    0.8275,
    0.375,
    0.9025,
    0.45,
    0,
    0.5275,
    0.075,
    0.6025,
    0.15,
    0.6775,
    0.225,
    0.7525,
    0.3,
    0.8275,
    0.375,
    0.9025,
    0.45
  ],
  "SoftwareVersions": "syngo MR D13D",
  "SpacingBetweenSlices": 3,
  "StationName": "AWP66028",
  "TaskName": "defeat",
  "TotalReadoutTime": 0.0173951,
  "TxRefAmp": 234.775,
  "WipMemBlock": "cc6385d9-6061-4fb6-b84d-90036811f3a1||Sequence: R016 vd13d/master r/9483a2f6; Dec 19 2017 12:17:24 by eja"
}