{
    "AcquisitionMatrixPE": 72,
    "AcquisitionNumber": 1,
    "AcquisitionTime": "",
    "BandwidthPerPixelPhaseEncode": 56.689,
    "BaseResolution": 72,
    "BodyPartExamined": "BRAIN",
    "CoilCombinationMethod": "Sum of Squares",
    "ConsistencyInfo": "N4_VD13D_LATEST_20130810",
    "ConversionSoftware": "dcm2niix",
    "ConversionSoftwareVersion": "v1.0.20220505",
    "DerivedVendorReportedEchoSpacing": 0.000490003,
    "DeviceSerialNumber": "66028",
    "DwellTime": 2.7e-06,
    "EchoNumber": 2,
    "EchoTime": 0.03186,
    "EchoTrainLength": 35,
    "EffectiveEchoSpacing": 0.000245001,
    "FlipAngle": 60,
    "HeudiconvVersion": "0.12.0",
    "ImageComments": "Unaliased MB4/PE4/LB",
    "ImageOrientationPatientDICOM": [
        0.996726,
        0.00524881,
        -0.0806834,
        -0.0212266,
        0.979875,
        -0.198479
    ],
    "ImageOrientationText": "Tra>Cor(-11.5)>Sag(-4.5)",
    "ImageType": [
        "ORIGINAL",
        "PRIMARY",
        "M",
        "MB",
        "TE2",
        "ND",
        "MOSAIC"
    ],
    "ImagingFrequency": 123.255,
    "InPlanePhaseEncodingDirectionDICOM": "COL",
    "InstitutionAddress": "Center Drive 10,Bethesda,MD,US,20892",
    "InstitutionName": "NIMH",
    "InstitutionalDepartmentName": "Department",
    "MRAcquisitionType": "2D",
    "MagneticFieldStrength": 3,
    "Manufacturer": "Siemens",
    "ManufacturersModelName": "Prisma",
    "MatrixCoilMode": "GRAPPA",
    "Modality": "MR",
    "MultibandAccelerationFactor": 4,
    "ParallelReductionFactorInPlane": 2,
    "PartialFourier": 1,
    "PatientPosition": "HFS",
    "PercentPhaseFOV": 100,
    "PercentSampling": 100,
    "PhaseEncodingDirection": "j-",
    "PhaseEncodingSteps": 71,
    "PhaseResolution": 1,
    "PixelBandwidth": 2570,
    "ProcedureStepDescription": "MRI Procedure Limited",
    "ProtocolName": "fmri-ME3MB4iPAT2_AP_defeat",
    "PulseSequenceDetails": "%CustomerSeq%\\cmrr_mbep2d_bold",
    "ReceiveCoilActiveElements": "HC1-7;NC1,2",
    "ReceiveCoilName": "HeadNeck_64",
    "ReconMatrixPE": 72,
    "RefLinesPE": 24,
    "RepetitionTime": 1,
    "SAR": 0.0784787,
    "ScanOptions": "FS",
    "ScanningSequence": "EP",
    "SequenceName": "epfid2d3_72",
    "SequenceVariant": "SK\\SS",
    "SeriesDescription": "fmri-ME3MB4iPAT2_AP_defeat",
    "SeriesNumber": 11,
    "ShimSetting": [
        5399,
        -1300,
        6686,
        420,
        -57,
        -74,
        -100,
        -10
    ],
    "SliceThickness": 3,
    "SliceTiming": [
        0,
        0.5275,
        0.075,
        0.605,
        0.1525,
        0.68,
        0.2275,
        0.755,
        0.3025,
        0.83,
        0.3775,
        0.905,
        0.4525,
        0,
        0.5275,
        0.075,
        0.605,
        0.1525,
        0.68,
        0.2275,
        0.755,
        0.3025,
        0.83,
        0.3775,
        0.905,
        0.4525,
        0,
        0.5275,
        0.075,
        0.605,
        0.1525,
        0.68,
        0.2275,
        0.755,
        0.3025,
        0.83,
        0.3775,
        0.905,
        0.4525,
        0,
        0.5275,
        0.075,
        0.605,
        0.1525,
        0.68,
        0.2275,
        0.755,
        0.3025,
        0.83,
        0.3775,
        0.905,
        0.4525
    ],
    "SoftwareVersions": "syngo MR D13D",
    "SpacingBetweenSlices": 3,
    "StationName": "AWP66028",
    "TaskName": "defeat",
    "TotalReadoutTime": 0.0173951,
    "TxRefAmp": 214.081,
    "WipMemBlock": "7fff10ce-6394-4f0c-8d1f-17607f8b6b70||Sequence: R016 vd13d/master r/9483a2f6; Dec 19 2017 12:17:24 by eja"
}