{
  "AcquisitionMatrixPE": 72,
  "AcquisitionNumber": 1,
  "AcquisitionTime": "11:36:41.965000",
  "BandwidthPerPixelPhaseEncode": 56.689,
  "BaseResolution": 72,
  "BodyPartExamined": "BRAIN",
  "CoilCombinationMethod": "Sum of Squares",
  "ConsistencyInfo": "N4_VD13D_LATEST_20130810",
  "ConversionSoftware": "dcm2niix",
  "ConversionSoftwareVersion": "v1.0.20230411",
  "DerivedVendorReportedEchoSpacing": 0.000490003,
  "DeviceSerialNumber": "66028",
  "DwellTime": 2.7e-06,
  "EchoNumber": 1,
  "EchoTime": 0.0136,
  "EchoTrainLength": 35,
  "EffectiveEchoSpacing": 0.000245001,
  "FlipAngle": 60,
  "HeudiconvVersion": "0.12.0",
  "ImageComments": "Unaliased MB4/PE4/LB",
  "ImageOrientationPatientDICOM": [
    0.999257,
    -0.0169536,
    -0.0346153,
    0.00252229,
    0.924908,
    -0.380182
  ],
  "ImageOrientationText": "Tra>Cor(-22.3)>Sag(-2.2)",
  "ImageType": [
    "ORIGINAL",
    "PRIMARY",
    "M",
    "MB",
    "TE1",
    "ND",
    "MOSAIC"
  ],
  "ImagingFrequency": 123.255312,
  "InPlanePhaseEncodingDirectionDICOM": "COL",
  "InstitutionAddress": "Center Drive 10,Bethesda,MD,US,20892",
  "InstitutionName": "NIMH",
  "InstitutionalDepartmentName": "Department",
  "MRAcquisitionType": "2D",
  "MagneticFieldStrength": 3,
  "Manufacturer": "Siemens",
  "ManufacturersModelName": "Prisma",
  "MatrixCoilMode": "GRAPPA",
  "Modality": "MR",
  "MultibandAccelerationFactor": 4,
  "NonlinearGradientCorrection": false,
  "ParallelReductionFactorInPlane": 2,
  "PartialFourier": 1,
  "PatientPosition": "HFS",
  "PercentPhaseFOV": 100,
  "PercentSampling": 100,
  "PhaseEncodingDirection": "j-",
  "PhaseEncodingSteps": 71,
  "PhaseResolution": 1,
  "PixelBandwidth": 2570,
  "ProcedureStepDescription": "MRI Procedure Limited",
  "ProtocolName": "fmri-ME3MB4iPAT2_AP_lemonade",
  "PulseSequenceDetails": "%CustomerSeq%\\cmrr_mbep2d_bold",
  "ReceiveCoilActiveElements": "HC1-7;NC1,2",
  "ReceiveCoilName": "HeadNeck_64",
  "ReconMatrixPE": 72,
  "RefLinesPE": 24,
  "RepetitionTime": 1,
  "SAR": 0.0924131,
  "ScanOptions": "FS",
  "ScanningSequence": "EP",
  "SequenceName": "epfid2d3_72",
  "SequenceVariant": "SK\\SS",
  "SeriesDescription": "fmri-ME3MB4iPAT2_AP_lemonade",
  "SeriesNumber": 21,
  "ShimSetting": [
    5374,
    -1324,
    6657,
    423,
    -115,
    -238,
    -72,
    -16
  ],
  "SliceThickness": 3,
  "SliceTiming": [
    0,
    0.5275,
    0.075,
    0.6025,
    0.15,
    0.6775,
    0.225,
    0.755,
    0.3025,
    0.83,
    0.3775,
    0.905,
    0.4525,
    0,
    0.5275,
    0.075,
    0.6025,
    0.15,
    0.6775,
    0.225,
    0.755,
    0.3025,
    0.83,
    0.3775,
    0.905,
    0.4525,
    0,
    0.5275,
    0.075,
    0.6025,
    0.15,
    0.6775,
    0.225,
    0.755,
    0.3025,
    0.83,
    0.3775,
    0.905,
    0.4525,
    0,
    0.5275,
    0.075,
    0.6025,
    0.15,
    0.6775,
    0.225,
    0.755,
    0.3025,
    0.83,
    0.3775,
    0.905,
    0.4525
  ],
  "SoftwareVersions": "syngo MR D13D",
  "SpacingBetweenSlices": 3,
  "StationName": "AWP66028",
  "TaskName": "lemonade",
  "TotalReadoutTime": 0.0173951,
  "TxRefAmp": 233.827,
  "WipMemBlock": "f0ae56c1-903c-481b-9914-a62fb1f0f289||Sequence: R016 vd13d/master r/9483a2f6; Dec 19 2017 12:17:24 by eja"
}