{
	"Modality": "MR",
	"MagneticFieldStrength": 3,
	"ImagingFrequency": 123.255106,
	"Manufacturer": "Siemens",
	"ManufacturersModelName": "Prisma",
	"InstitutionName": "NIMH",
	"InstitutionalDepartmentName": "Department",
	"InstitutionAddress": "Center Drive 10,Bethesda,MD,US,20892",
	"DeviceSerialNumber": "66028",
	"StationName": "AWP66028",
	"BodyPartExamined": "BRAIN",
	"PatientPosition": "HFS",
	"ProcedureStepDescription": "MRI Procedure Limited",
	"SoftwareVersions": "syngo MR D13D",
	"MRAcquisitionType": "2D",
	"SeriesDescription": "fmri-ME3MB4iPAT2_AP_growth",
	"ProtocolName": "fmri-ME3MB4iPAT2_AP_growth",
	"ScanningSequence": "EP",
	"SequenceVariant": "SK\\SS",
	"ScanOptions": "FS",
	"SequenceName": "epfid2d3_72",
	"ImageType": ["ORIGINAL", "PRIMARY", "M", "MB", "TE2", "ND", "MOSAIC"],
	"NonlinearGradientCorrection": false,
	"SeriesNumber": 17,
	"AcquisitionTime": "09:48:17.800000",
	"AcquisitionNumber": 1,
	"ImageComments": "Unaliased MB4/PE4/LB",
	"SliceThickness": 3,
	"SpacingBetweenSlices": 3,
	"SAR": 0.0928419,
	"EchoNumber": 2,
	"EchoTime": 0.03186,
	"RepetitionTime": 1,
	"FlipAngle": 60,
	"PartialFourier": 1,
	"BaseResolution": 72,
	"ShimSetting": [
		5402,
		-1313,
		6659,
		235,
		-60,
		-128,
		221,
		-22	],
	"TxRefAmp": 278.161,
	"PhaseResolution": 1,
	"ReceiveCoilName": "HeadNeck_64",
	"ReceiveCoilActiveElements": "HC1-7;NC1,2",
	"PulseSequenceDetails": "%CustomerSeq%\\cmrr_mbep2d_bold",
	"WipMemBlock": "cda07dc3-615a-4d8c-9519-d26888c7dba3||Sequence: R016 vd13d/master r/9483a2f6; Dec 19 2017 12:17:24 by eja",
	"RefLinesPE": 24,
	"CoilCombinationMethod": "Sum of Squares",
	"ConsistencyInfo": "N4_VD13D_LATEST_20130810",
	"MatrixCoilMode": "GRAPPA",
	"MultibandAccelerationFactor": 4,
	"PercentPhaseFOV": 100,
	"PercentSampling": 100,
	"EchoTrainLength": 35,
	"PhaseEncodingSteps": 71,
	"AcquisitionMatrixPE": 72,
	"ReconMatrixPE": 72,
	"BandwidthPerPixelPhaseEncode": 56.689,
	"ParallelReductionFactorInPlane": 2,
	"EffectiveEchoSpacing": 0.000245001,
	"DerivedVendorReportedEchoSpacing": 0.000490003,
	"TotalReadoutTime": 0.0173951,
	"PixelBandwidth": 2570,
	"DwellTime": 2.7e-06,
	"PhaseEncodingDirection": "j-",
	"SliceTiming": [
		0,
		0.5275,
		0.075,
		0.6025,
		0.15,
		0.6775,
		0.2275,
		0.755,
		0.3025,
		0.83,
		0.3775,
		0.905,
		0.4525,
		0,
		0.5275,
		0.075,
		0.6025,
		0.15,
		0.6775,
		0.2275,
		0.755,
		0.3025,
		0.83,
		0.3775,
		0.905,
		0.4525,
		0,
		0.5275,
		0.075,
		0.6025,
		0.15,
		0.6775,
		0.2275,
		0.755,
		0.3025,
		0.83,
		0.3775,
		0.905,
		0.4525,
		0,
		0.5275,
		0.075,
		0.6025,
		0.15,
		0.6775,
		0.2275,
		0.755,
		0.3025,
		0.83,
		0.3775,
		0.905,
		0.4525	],
	"ImageOrientationPatientDICOM": [
		0.994597,
		0.0724268,
		0.0743678,
		-0.0617034,
		0.988572,
		-0.137546	],
	"ImageOrientationText": "Tra>Cor(-7.6)>Sag(4.8)",
	"InPlanePhaseEncodingDirectionDICOM": "COL",
	"TaskName": "growth",
	"ConversionSoftware": "dcm2niix",
	"ConversionSoftwareVersion": "v1.0.20230411"
}
