{
    "AcquisitionMatrixPE": 72,
    "AcquisitionNumber": 1,
    "AcquisitionTime": "",
    "BandwidthPerPixelPhaseEncode": 56.689,
    "BaseResolution": 72,
    "BodyPartExamined": "BRAIN",
    "CoilCombinationMethod": "Sum of Squares",
    "ConsistencyInfo": "N4_VD13D_LATEST_20130810",
    "ConversionSoftware": "dcm2niix",
    "ConversionSoftwareVersion": "v1.0.20220505",
    "DerivedVendorReportedEchoSpacing": 0.000490003,
    "DeviceSerialNumber": "66028",
    "DwellTime": 2.7e-06,
    "EchoNumber": 1,
    "EchoTime": 0.0136,
    "EchoTrainLength": 35,
    "EffectiveEchoSpacing": 0.000245001,
    "FlipAngle": 60,
    "HeudiconvVersion": "0.12.0",
    "ImageComments": "Unaliased MB4/PE4/LB",
    "ImageOrientationPatientDICOM": [
        0.999937,
        0.00616262,
        -0.0093559,
        -0.00698117,
        0.995905,
        -0.0901408
    ],
    "ImageOrientationText": "Tra>Cor(-5.2)>Sag(-0.5)",
    "ImageType": [
        "ORIGINAL",
        "PRIMARY",
        "M",
        "MB",
        "TE1",
        "ND",
        "MOSAIC"
    ],
    "ImagingFrequency": 123.255,
    "InPlanePhaseEncodingDirectionDICOM": "COL",
    "InstitutionAddress": "Center Drive 10,Bethesda,MD,US,20892",
    "InstitutionName": "NIMH",
    "InstitutionalDepartmentName": "Department",
    "MRAcquisitionType": "2D",
    "MagneticFieldStrength": 3,
    "Manufacturer": "Siemens",
    "ManufacturersModelName": "Prisma",
    "MatrixCoilMode": "GRAPPA",
    "Modality": "MR",
    "MultibandAccelerationFactor": 4,
    "ParallelReductionFactorInPlane": 2,
    "PartialFourier": 1,
    "PatientPosition": "HFS",
    "PercentPhaseFOV": 100,
    "PercentSampling": 100,
    "PhaseEncodingDirection": "j-",
    "PhaseEncodingSteps": 71,
    "PhaseResolution": 1,
    "PixelBandwidth": 2570,
    "ProcedureStepDescription": "MRI Procedure Limited",
    "ProtocolName": "fmri-ME3MB4iPAT2_AP_iteration",
    "PulseSequenceDetails": "%CustomerSeq%\\cmrr_mbep2d_bold",
    "ReceiveCoilActiveElements": "HC1-7;NC1,2",
    "ReceiveCoilName": "HeadNeck_64",
    "ReconMatrixPE": 72,
    "RefLinesPE": 24,
    "RepetitionTime": 1,
    "SAR": 0.0973522,
    "ScanOptions": "FS",
    "ScanningSequence": "EP",
    "SequenceName": "epfid2d3_72",
    "SequenceVariant": "SK\\SS",
    "SeriesDescription": "fmri-ME3MB4iPAT2_AP_iteration",
    "SeriesNumber": 11,
    "ShimSetting": [
        5383,
        -1351,
        6667,
        335,
        -77,
        -149,
        0,
        13
    ],
    "SliceThickness": 3,
    "SliceTiming": [
        0,
        0.5275,
        0.075,
        0.6025,
        0.15,
        0.6775,
        0.225,
        0.7525,
        0.3,
        0.8275,
        0.3775,
        0.905,
        0.4525,
        0,
        0.5275,
        0.075,
        0.6025,
        0.15,
        0.6775,
        0.225,
        0.7525,
        0.3,
        0.8275,
        0.3775,
        0.905,
        0.4525,
        0,
        0.5275,
        0.075,
        0.6025,
        0.15,
        0.6775,
        0.225,
        0.7525,
        0.3,
        0.8275,
        0.3775,
        0.905,
        0.4525,
        0,
        0.5275,
        0.075,
        0.6025,
        0.15,
        0.6775,
        0.225,
        0.7525,
        0.3,
        0.8275,
        0.3775,
        0.905,
        0.4525
    ],
    "SoftwareVersions": "syngo MR D13D",
    "SpacingBetweenSlices": 3,
    "StationName": "AWP66028",
    "TaskName": "iteration",
    "TotalReadoutTime": 0.0173951,
    "TxRefAmp": 251.301,
    "WipMemBlock": "c2f82d55-8dcc-4d93-8276-6b885c78cf77||Sequence: R016 vd13d/master r/9483a2f6; Dec 19 2017 12:17:24 by eja"
}