{
	"Modality": "MR",
	"MagneticFieldStrength": 3,
	"ImagingFrequency": 123.255116,
	"Manufacturer": "Siemens",
	"ManufacturersModelName": "Prisma",
	"InstitutionName": "NIMH",
	"InstitutionalDepartmentName": "Department",
	"InstitutionAddress": "Center Drive 10,Bethesda,MD,US,20892",
	"DeviceSerialNumber": "66028",
	"StationName": "AWP66028",
	"BodyPartExamined": "BRAIN",
	"PatientPosition": "HFS",
	"ProcedureStepDescription": "MRI Procedure Limited",
	"SoftwareVersions": "syngo MR D13D",
	"MRAcquisitionType": "2D",
	"SeriesDescription": "fmri-ME3MB4iPAT2_AP_defeat",
	"ProtocolName": "fmri-ME3MB4iPAT2_AP_defeat",
	"ScanningSequence": "EP",
	"SequenceVariant": "SK\\SS",
	"ScanOptions": "FS",
	"SequenceName": "epfid2d3_72",
	"ImageType": ["ORIGINAL", "PRIMARY", "M", "MB", "TE1", "ND", "MOSAIC"],
	"NonlinearGradientCorrection": false,
	"SeriesNumber": 15,
	"AcquisitionTime": "09:04:17.082500",
	"AcquisitionNumber": 1,
	"ImageComments": "Unaliased MB4/PE4/LB",
	"SliceThickness": 3,
	"SpacingBetweenSlices": 3,
	"SAR": 0.077105,
	"EchoTime": 0.0136,
	"RepetitionTime": 1,
	"FlipAngle": 60,
	"PartialFourier": 1,
	"BaseResolution": 72,
	"ShimSetting": [
		5403,
		-1298,
		6680,
		370,
		-86,
		83,
		-45,
		24	],
	"TxRefAmp": 198.296,
	"PhaseResolution": 1,
	"ReceiveCoilName": "HeadNeck_64",
	"ReceiveCoilActiveElements": "HC1-7;NC1,2",
	"PulseSequenceDetails": "%CustomerSeq%\\cmrr_mbep2d_bold",
	"WipMemBlock": "1de4f50e-7e5f-4773-a241-a64ca2664a68||Sequence: R016 vd13d/master r/9483a2f6; Dec 19 2017 12:17:24 by eja",
	"RefLinesPE": 24,
	"CoilCombinationMethod": "Sum of Squares",
	"ConsistencyInfo": "N4_VD13D_LATEST_20130810",
	"MatrixCoilMode": "GRAPPA",
	"MultibandAccelerationFactor": 4,
	"PercentPhaseFOV": 100,
	"PercentSampling": 100,
	"EchoTrainLength": 35,
	"PhaseEncodingSteps": 71,
	"AcquisitionMatrixPE": 72,
	"ReconMatrixPE": 72,
	"BandwidthPerPixelPhaseEncode": 56.689,
	"ParallelReductionFactorInPlane": 2,
	"EffectiveEchoSpacing": 0.000245001,
	"DerivedVendorReportedEchoSpacing": 0.000490003,
	"TotalReadoutTime": 0.0173951,
	"PixelBandwidth": 2570,
	"DwellTime": 2.7e-06,
	"PhaseEncodingDirection": "j-",
	"SliceTiming": [
		0,
		0.5275,
		0.0775,
		0.605,
		0.1525,
		0.68,
		0.2275,
		0.755,
		0.3025,
		0.83,
		0.3775,
		0.905,
		0.4525,
		0,
		0.5275,
		0.0775,
		0.605,
		0.1525,
		0.68,
		0.2275,
		0.755,
		0.3025,
		0.83,
		0.3775,
		0.905,
		0.4525,
		0,
		0.5275,
		0.0775,
		0.605,
		0.1525,
		0.68,
		0.2275,
		0.755,
		0.3025,
		0.83,
		0.3775,
		0.905,
		0.4525,
		0,
		0.5275,
		0.0775,
		0.605,
		0.1525,
		0.68,
		0.2275,
		0.755,
		0.3025,
		0.83,
		0.3775,
		0.905,
		0.4525	],
	"ImageOrientationPatientDICOM": [
		0.996641,
		0.0727836,
		0.0375534,
		-0.0682934,
		0.99164,
		-0.109477	],
	"ImageOrientationText": "Tra>Cor(-6.1)>Sag(2.6)",
	"InPlanePhaseEncodingDirectionDICOM": "COL",
	"TaskName": "defeat",
	"ConversionSoftware": "dcm2niix",
	"ConversionSoftwareVersion": "v1.0.20230411"
}
